GEM
  remote: http://rubygems.org/
  specs:
    diff-lcs (1.3)
    haml (5.1.2)
      temple (>= 0.8.0)
      tilt
    kgio (2.11.3)
    mustermann (1.1.1)
      ruby2_keywords (~> 0.0.1)
    rack (2.1.1)
    rack-protection (2.0.8.1)
      rack
    raindrops (0.19.1)
    rake (13.0.1)
    rspec (3.9.0)
      rspec-core (~> 3.9.0)
      rspec-expectations (~> 3.9.0)
      rspec-mocks (~> 3.9.0)
    rspec-core (3.9.1)
      rspec-support (~> 3.9.1)
    rspec-expectations (3.9.0)
      diff-lcs (>= 1.2.0, < 2.0)
      rspec-support (~> 3.9.0)
    rspec-mocks (3.9.1)
      diff-lcs (>= 1.2.0, < 2.0)
      rspec-support (~> 3.9.0)
    rspec-support (3.9.2)
    ruby2_keywords (0.0.2)
    sinatra (2.0.8.1)
      mustermann (~> 1.0)
      rack (~> 2.0)
      rack-protection (= 2.0.8.1)
      tilt (~> 2.0)
    temple (0.8.2)
    tilt (2.0.10)
    unicorn (5.5.2)
      kgio (~> 2.6)
      raindrops (~> 0.7)

PLATFORMS
  ruby

DEPENDENCIES
  haml
  rake
  rspec
  sinatra
  unicorn

BUNDLED WITH
   1.16.1
